GEM
  remote: https://rubygems.org/
  specs:
    addressable (2.5.0)
      public_suffix (~> 2.0, >= 2.0.2)
    capybara (2.12.0)
      addressable
      mime-types (>= 1.16)
      nokogiri (>= 1.3.3)
      rack (>= 1.0.0)
      rack-test (>= 0.5.4)
      xpath (~> 2.0)
    childprocess (0.6.1)
      ffi (~> 1.0, >= 1.0.11)
    data_magic (1.0)
      faker (>= 1.1.2)
      yml_reader (>= 0.6)
    diff-lcs (1.3)
    domain_name (0.5.20161129)
      unf (>= 0.0.5, < 1.0.0)
    faker (1.7.2)
      i18n (~> 0.5)
    ffi (1.9.17-x64-mingw32)
    http-cookie (1.0.3)
      domain_name (~> 0.5)
    i18n (0.8.0)
    mime-types (2.99.3)
    mini_portile2 (2.1.0)
    net-http-persistent (2.9.4)
    netrc (0.11.0)
    nokogiri (1.7.0.1-x64-mingw32)
      mini_portile2 (~> 2.1.0)
    page-object (2.0.0)
      net-http-persistent (~> 2.9.4)
      page_navigation (>= 0.9)
      selenium-webdriver (~> 3.0)
      watir (~> 6.0)
    page_navigation (0.10)
      data_magic (>= 0.22)
    public_suffix (2.0.5)
    rack (2.0.1)
    rack-test (0.6.3)
      rack (>= 1.0)
    rake (11.1.2)
    rest-client (1.8.0-x64-mingw32)
      ffi (~> 1.9)
      http-cookie (>= 1.0.2, < 2.0)
      mime-types (>= 1.16, < 3.0)
      netrc (~> 0.7)
    rspec (3.5.0)
      rspec-core (~> 3.5.0)
      rspec-expectations (~> 3.5.0)
      rspec-mocks (~> 3.5.0)
    rspec-core (3.5.4)
      rspec-support (~> 3.5.0)
    rspec-expectations (3.5.0)
      diff-lcs (>= 1.2.0, < 2.0)
      rspec-support (~> 3.5.0)
    rspec-mocks (3.5.0)
      diff-lcs (>= 1.2.0, < 2.0)
      rspec-support (~> 3.5.0)
    rspec-support (3.5.0)
    rubyzip (1.2.0)
    selenium-webdriver (3.0.5)
      childprocess (~> 0.5)
      rubyzip (~> 1.0)
      websocket (~> 1.0)
    unf (0.1.4)
      unf_ext
    unf_ext (0.0.7.2-x64-mingw32)
    watir (6.1.0)
      selenium-webdriver (~> 3.0)
    watir-rspec (3.0.0)
      rspec (~> 3.0)
      watir (>= 6.0.0.beta4)
    websocket (1.2.4)
    xpath (2.0.0)
      nokogiri (~> 1.3)
    yml_reader (0.7)

PLATFORMS
  x64-mingw32

DEPENDENCIES
  capybara (~> 2.7, >= 2.7.1)
  page-object (~> 2.0)
  rake (~> 11.1.2)
  rest-client (~> 1.8.0)
  rspec (~> 3.4)
  watir-rspec

BUNDLED WITH
   1.14.3
