GEM
  remote: https://rubygems.org/
  specs:
    addressable (2.5.0)
      public_suffix (~> 2.0, >= 2.0.2)
    capybara (2.11.0)
      addressable
      mime-types (>= 1.16)
      nokogiri (>= 1.3.3)
      rack (>= 1.0.0)
      rack-test (>= 0.5.4)
      xpath (~> 2.0)
    childprocess (0.5.9)
      ffi (~> 1.0, >= 1.0.11)
    ffi (1.9.14-x64-mingw32)
    json (2.0.2)
    mime-types (3.1)
      mime-types-data (~> 3.2015)
    mime-types-data (3.2016.0521)
    mini_portile2 (2.1.0)
    minitest (5.10.1)
    minitest-capybara (0.8.2)
      capybara (~> 2.2)
      minitest (~> 5.0)
      rake
    nokogiri (1.7.0-x64-mingw32)
      mini_portile2 (~> 2.1.0)
    public_suffix (2.0.4)
    rack (2.0.1)
    rack-test (0.6.3)
      rack (>= 1.0)
    rake (12.0.0)
    rubyzip (1.2.0)
    selenium-webdriver (2.53.4)
      childprocess (~> 0.5)
      rubyzip (~> 1.0)
      websocket (~> 1.0)
    websocket (1.2.3)
    xpath (2.0.0)
      nokogiri (~> 1.3)

PLATFORMS
  x64-mingw32

DEPENDENCIES
  capybara (~> 2.7)
  json (~> 2.0, >= 2.0.2)
  minitest (~> 5.10, >= 5.10.1)
  minitest-capybara (~> 0.8.2)
  selenium-webdriver (~> 2.53, >= 2.53.4)

BUNDLED WITH
   1.14.3
